GEM
  remote: http://rubygems.org/
  specs:
    httparty (0.8.1)
      multi_json
      multi_xml
    json (1.6.5)
    multi_json (1.1.0)
    multi_xml (0.4.2)
    progressbar (0.10.0)

PLATFORMS
  ruby

DEPENDENCIES
  httparty
  json
  progressbar
